GEM
  remote: http://rubygems.org/
  specs:
    RedCloth (4.2.7)
    actionmailer (2.3.11)
      actionpack (= 2.3.11)
    actionpack (2.3.11)
      activesupport (= 2.3.11)
      rack (~> 1.1.0)
    activerecord (2.3.11)
      activesupport (= 2.3.11)
    activeresource (2.3.11)
      activesupport (= 2.3.11)
    activesupport (2.3.11)
    awesome_print (0.3.2)
    by_star (0.6.3)
      chronic (~> 0.2.3)
    chronic (0.2.3)
      hoe (>= 1.2.1)
    coderay (0.9.7)
    dotiw (0.4.1)
    haml (3.0.25)
    highline (1.6.1)
    hoe (2.9.1)
      rake (>= 0.8.7)
    i18n (0.5.0)
    paperclip (2.3.8)
      activerecord
      activesupport
    pg (0.10.1)
    rack (1.1.2)
    rails (2.3.11)
      actionmailer (= 2.3.11)
      actionpack (= 2.3.11)
      activerecord (= 2.3.11)
      activeresource (= 2.3.11)
      activesupport (= 2.3.11)
      rake (>= 0.8.3)
    rake (0.8.7)
    will_paginate (2.3.15)

PLATFORMS
  ruby

DEPENDENCIES
  RedCloth
  awesome_print
  by_star (= 0.6.3)
  coderay
  dotiw
  haml (~> 3.0.0)
  highline
  i18n (~> 0.5.0)
  paperclip (~> 2.3.1)
  pg
  rails (~> 2.3.11)
  will_paginate
